GEM
  remote: https://rubygems.org/
  specs:
    faker (1.7.2)
      i18n (~> 0.5)
    i18n (0.7.0)

PLATFORMS
  ruby

DEPENDENCIES
  faker

RUBY VERSION
   ruby 2.3.3p222

BUNDLED WITH
   1.13.7
